GEM
  remote: https://rubygems.org/
  specs:
    builder (3.2.0)
    crack (0.3.2)
    happymapper (0.4.0)
      libxml-ruby (~> 2.0)
    libxml-ruby (2.6.0)
    mime-types (1.22)
    nokogiri (1.5.9)
    nokogiri-happymapper (0.5.7)
      nokogiri (~> 1.5)
    pivotal-tracker (0.5.10)
      builder
      crack
      happymapper (>= 0.3.2)
      nokogiri (>= 1.4.3)
      nokogiri (>= 1.5.5)
      nokogiri-happymapper (>= 0.5.4)
      rest-client (~> 1.6.0)
    rest-client (1.6.7)
      mime-types (>= 1.16)

PLATFORMS
  ruby

DEPENDENCIES
  pivotal-tracker
